GEM
  remote: https://rubygems.org/
  specs:
    bcrypt_pbkdf (1.0.1)
    builder (3.2.4)
    diff-lcs (1.3)
    ed25519 (1.2.4)
    equatable (0.6.1)
    erubi (1.9.0)
    ffi (1.11.3)
    gssapi (1.3.0)
      ffi (>= 1.0.1)
    gyoku (1.3.1)
      builder (>= 2.1.2)
    httpclient (2.8.3)
    kitchen-ansible (0.50.1)
      net-ssh (>= 3)
      test-kitchen (>= 1.4)
    kitchen-docker (2.9.0)
      test-kitchen (>= 1.0.0)
    kitchen-vagrant (1.6.0)
      test-kitchen (>= 1.4, < 3)
    kitchen-verifier-serverspec (0.7.0)
      net-ssh (>= 3)
      test-kitchen (>= 1.4)
    license-acceptance (1.0.13)
      pastel (~> 0.7)
      tomlrb (~> 1.2)
      tty-box (~> 0.3)
      tty-prompt (~> 0.18)
    little-plugger (1.1.4)
    logging (2.2.2)
      little-plugger (~> 1.1)
      multi_json (~> 1.10)
    mixlib-install (3.11.26)
      mixlib-shellout
      mixlib-versioning
      thor
    mixlib-shellout (3.0.9)
    mixlib-versioning (1.2.12)
    multi_json (1.14.1)
    necromancer (0.5.1)
    net-scp (2.0.0)
      net-ssh (>= 2.6.5, < 6.0.0)
    net-ssh (5.2.0)
    net-ssh-gateway (2.0.0)
      net-ssh (>= 4.0.0)
    net-telnet (0.1.1)
    nori (2.6.0)
    pastel (0.7.3)
      equatable (~> 0.6)
      tty-color (~> 0.5)
    rspec (3.9.0)
      rspec-core (~> 3.9.0)
      rspec-expectations (~> 3.9.0)
      rspec-mocks (~> 3.9.0)
    rspec-core (3.9.1)
      rspec-support (~> 3.9.1)
    rspec-expectations (3.9.0)
      diff-lcs (>= 1.2.0, < 2.0)
      rspec-support (~> 3.9.0)
    rspec-its (1.3.0)
      rspec-core (>= 3.0.0)
      rspec-expectations (>= 3.0.0)
    rspec-mocks (3.9.1)
      diff-lcs (>= 1.2.0, < 2.0)
      rspec-support (~> 3.9.0)
    rspec-support (3.9.2)
    rubyntlm (0.6.2)
    rubyzip (2.0.0)
    serverspec (2.41.5)
      multi_json
      rspec (~> 3.0)
      rspec-its
      specinfra (~> 2.72)
    sfl (2.3)
    specinfra (2.82.7)
      net-scp
      net-ssh (>= 2.7)
      net-telnet (= 0.1.1)
      sfl
    strings (0.1.8)
      strings-ansi (~> 0.1)
      unicode-display_width (~> 1.5)
      unicode_utils (~> 1.4)
    strings-ansi (0.2.0)
    test-kitchen (2.3.4)
      bcrypt_pbkdf (~> 1.0)
      ed25519 (~> 1.2)
      license-acceptance (~> 1.0, >= 1.0.11)
      mixlib-install (~> 3.6)
      mixlib-shellout (>= 1.2, < 4.0)
      net-scp (>= 1.1, < 3.0)
      net-ssh (>= 2.9, < 6.0)
      net-ssh-gateway (>= 1.2, < 3.0)
      thor (~> 0.19)
      winrm (~> 2.0)
      winrm-elevated (~> 1.0)
      winrm-fs (~> 1.1)
    thor (0.20.3)
    tomlrb (1.2.9)
    tty-box (0.5.0)
      pastel (~> 0.7.2)
      strings (~> 0.1.6)
      tty-cursor (~> 0.7)
    tty-color (0.5.0)
    tty-cursor (0.7.0)
    tty-prompt (0.20.0)
      necromancer (~> 0.5.0)
      pastel (~> 0.7.0)
      tty-reader (~> 0.7.0)
    tty-reader (0.7.0)
      tty-cursor (~> 0.7)
      tty-screen (~> 0.7)
      wisper (~> 2.0.0)
    tty-screen (0.7.0)
    unicode-display_width (1.6.0)
    unicode_utils (1.4.0)
    winrm (2.3.4)
      builder (>= 2.1.2)
      erubi (~> 1.8)
      gssapi (~> 1.2)
      gyoku (~> 1.0)
      httpclient (~> 2.2, >= 2.2.0.2)
      logging (>= 1.6.1, < 3.0)
      nori (~> 2.0)
      rubyntlm (~> 0.6.0, >= 0.6.1)
    winrm-elevated (1.1.2)
      erubi (~> 1.8)
      winrm (~> 2.0)
      winrm-fs (~> 1.0)
    winrm-fs (1.3.4)
      erubi (~> 1.8)
      logging (>= 1.6.1, < 3.0)
      rubyzip (~> 2.0)
      winrm (~> 2.0)
    wisper (2.0.1)

PLATFORMS
  ruby

DEPENDENCIES
  kitchen-ansible
  kitchen-docker
  kitchen-vagrant
  kitchen-verifier-serverspec
  net-ssh
  serverspec
  test-kitchen

BUNDLED WITH
   1.17.3
